GIT
  remote: https://github.com/ehowe/ruby-imgur.git
  revision: 4b7aa8049639627b015d6fc1f90964da4ae99709
  specs:
    ruby-imgur (0.04)
      addressable
      cistern (~> 0.1.3)
      launchy
      multi_json
      rest-client

GEM
  remote: https://rubygems.org/
  specs:
    addressable (2.3.6)
    cistern (0.1.4)
    launchy (2.4.2)
      addressable (~> 2.3)
    mime-types (2.3)
    multi_json (1.10.1)
    netrc (0.7.7)
    rest-client (1.7.2)
      mime-types (>= 1.16, < 3.0)
      netrc (~> 0.7)

PLATFORMS
  ruby

DEPENDENCIES
  ruby-imgur!
