GIT
  remote: https://github.com/ehowe/ruby-imgur.git
  revision: 4b7aa8049639627b015d6fc1f90964da4ae99709
  specs:
    ruby-imgur (0.04)
      addressable
      cistern (~> 0.1.3)
      launchy
      multi_json
      rest-client

GEM
  remote: https://rubygems.org/
  specs:
    addressable (2.3.5)
    cistern (0.1.4)
    launchy (2.4.2)
      addressable (~> 2.3)
    mime-types (2.0)
    multi_json (1.8.2)
    rest-client (1.6.7)
      mime-types (>= 1.16)

PLATFORMS
  ruby

DEPENDENCIES
  ruby-imgur!
